PATH
  remote: .
  specs:
    crawdad (0.1.0)
      ffi (~> 1.9.3)
      prawn (~> 0.12.0)
      text-hyphen (~> 1.4.1)

GEM
  specs:
    Ascii85 (1.0.2)
    afm (0.2.0)
    diff-lcs (1.1.3)
    ffi (1.9.3)
    hashery (2.1.1)
    metaclass (0.0.1)
    mocha (0.10.5)
      metaclass (~> 0.0.1)
    pdf-reader (1.3.3)
      Ascii85 (~> 1.0.0)
      afm (~> 0.2.0)
      hashery (~> 2.0)
      ruby-rc4
      ttfunk
    prawn (0.12.0)
      pdf-reader (>= 0.9.0)
      ttfunk (~> 1.0.2)
    rspec (2.12.0)
      rspec-core (~> 2.12.0)
      rspec-expectations (~> 2.12.0)
      rspec-mocks (~> 2.12.0)
    rspec-core (2.12.2)
    rspec-expectations (2.12.1)
      diff-lcs (~> 1.1.3)
    rspec-mocks (2.12.2)
    ruby-rc4 (0.1.5)
    text-hyphen (1.4.1)
    ttfunk (1.0.3)

PLATFORMS
  ruby

DEPENDENCIES
  crawdad!
  mocha
  rspec
